GEM
  remote: http://rubygems.org/
  specs:
    highline (1.7.8)
    httpclient (2.7.1)
    lyp (0.1.6)
      highline (~> 1.7, >= 1.7.8)
      httpclient (~> 2.7, >= 2.7.1)
      nokogiri (= 1.6.6.2)
      ruby-progressbar (~> 1.7, >= 1.7.5)
      rugged (= 0.23.0)
      thor (~> 0.19, >= 0.19.1)
    mini_portile (0.6.2)
    nokogiri (1.6.6.2)
      mini_portile (~> 0.6.0)
    ruby-progressbar (1.7.5)
    rugged (0.23.0)
    thor (0.19.1)

PLATFORMS
  ruby

DEPENDENCIES
  lyp (>= 0.1.6)

BUNDLED WITH
   1.10.6
