GEM
  remote: http://rubygems.org/
  specs:
    httpclient (2.8.3)
    lyp (1.2.1)
      httpclient (~> 2.7, >= 2.7.1)
      ruby-progressbar (~> 1.7, >= 1.7.5)
      rugged (= 0.23.0)
      thor (~> 0.19, >= 0.19.1)
    ruby-progressbar (1.8.1)
    rugged (0.23.0)
    thor (0.19.4)

PLATFORMS
  ruby

DEPENDENCIES
  lyp (>= 1.2.1)

BUNDLED WITH
   1.11.2
